PATH
  remote: .
  specs:
    kakin (0.0.1)
      thor
      yao (~> 0.2.5)

GEM
  remote: https://rubygems.org/
  specs:
    faraday (0.9.2)
      multipart-post (>= 1.2, < 3)
    faraday_middleware (0.10.0)
      faraday (>= 0.7.4, < 0.10)
    json (1.8.3)
    minitest (5.8.3)
    multipart-post (2.0.0)
    rake (10.4.2)
    thor (0.19.1)
    yao (0.2.7)
      faraday
      faraday_middleware
      json

PLATFORMS
  ruby

DEPENDENCIES
  bundler (~> 1.10)
  kakin!
  minitest
  rake (~> 10.0)

BUNDLED WITH
   1.11.2
