GIT
  remote: git://github.com/yaocloud/yao.git
  revision: 791e7d704aa585d5c385d66c6b5d0521a8e8efa9
  specs:
    yao (0.2.4)
      faraday
      faraday_middleware
      json

PATH
  remote: .
  specs:
    kakin (0.0.1)
      thor

GEM
  remote: https://rubygems.org/
  specs:
    faraday (0.9.2)
      multipart-post (>= 1.2, < 3)
    faraday_middleware (0.10.0)
      faraday (>= 0.7.4, < 0.10)
    json (1.8.3)
    minitest (5.8.3)
    multipart-post (2.0.0)
    rake (10.4.2)
    thor (0.19.1)

PLATFORMS
  ruby

DEPENDENCIES
  bundler (~> 1.10)
  kakin!
  minitest
  rake (~> 10.0)
  yao!

BUNDLED WITH
   1.10.6
