GEM
  remote: https://rubygems.org/
  specs:
    faraday (0.9.2)
      multipart-post (>= 1.2, < 3)
    faraday_middleware (0.10.0)
      faraday (>= 0.7.4, < 0.10)
    json (1.8.3)
    multipart-post (2.0.0)
    thor (0.19.1)
    yao (0.2.2)
      faraday
      faraday_middleware
      json

PLATFORMS
  ruby

DEPENDENCIES
  thor
  yao

BUNDLED WITH
   1.10.6
